RESTRICTION: == net45
NUGET
  remote: https://api.nuget.org/v3/index.json
    Argu (5.1)
      FSharp.Core (>= 4.0.0.1)
    FAKE (4.64.11)
    FSharp.Core (4.3.4)
    System.IO.Compression (4.3)
